GEM
  remote: http://rubygems.org/
  specs:
    httparty (0.16.2)
      multi_xml (>= 0.5.2)
    make_todo (0.1.0)
    mini_portile2 (2.3.0)
    multi_xml (0.6.0)
    nokogiri (1.8.2)
      mini_portile2 (~> 2.3.0)
    rack (2.0.5)

PLATFORMS
  ruby

DEPENDENCIES
  httparty
  make_todo
  nokogiri
  rack

BUNDLED WITH
   1.16.1
